GEM
  remote: https://rubygems.org/
  specs:
    clubhouse_ruby (0.6.0)

PLATFORMS
  ruby

DEPENDENCIES
  clubhouse_ruby

BUNDLED WITH
   1.17.3
